PATH
  remote: .
  specs:
    rap_songs (0.1.0)

GEM
  remote: https://rubygems.org/
  specs:
    rake (10.5.0)

PLATFORMS
  ruby

DEPENDENCIES
  bundler (~> 2.0)
  rake (~> 10.0)
  rap_songs!

BUNDLED WITH
   2.0.2
